GIT
  remote: git://github.com/opal/opal-activesupport.git
  revision: ad7f6000af8f4a20d9a273dac2f2709fd550bc73
  specs:
    opal-activesupport (0.1.0)
      opal (>= 0.5.0, < 1.0.0)

GIT
  remote: git://github.com/opal/opal-jquery.git
  revision: 6d864fb0dfa0a5cd399f1a46bfa2e24fcb257768
  specs:
    opal-jquery (0.3.0)
      opal (~> 0.7.0)

PATH
  remote: .
  specs:
    opal-vienna (0.7.0)
      opal (>= 0.5.0, < 1.0.0)
      opal-activesupport
      opal-jquery

GEM
  remote: https://rubygems.org/
  specs:
    hike (1.2.3)
    multi_json (1.11.0)
    opal (0.7.1)
      hike (~> 1.2)
      sourcemap (~> 0.1.0)
      sprockets (>= 2.2.3, < 4.0.0)
      tilt (~> 1.4)
    opal-rspec (0.4.0.beta4)
      opal (~> 0.7.0.beta1)
    rack (1.6.0)
    rake (10.4.2)
    sourcemap (0.1.1)
    sprockets (2.12.3)
      hike (~> 1.2)
      multi_json (~> 1.0)
      rack (~> 1.0)
      tilt (~> 1.1, != 1.3.0)
    tilt (1.4.1)

PLATFORMS
  ruby

DEPENDENCIES
  opal
  opal-activesupport!
  opal-jquery!
  opal-rspec (= 0.4.0.beta4)
  opal-vienna!
  rake
